GEM
  remote: https://rubygems.org/
  specs:
    activemodel (3.2.19)
      activesupport (= 3.2.19)
      builder (~> 3.0.0)
    activerecord (3.2.19)
      activemodel (= 3.2.19)
      activesupport (= 3.2.19)
      arel (~> 3.0.2)
      tzinfo (~> 0.3.29)
    activesupport (3.2.19)
      i18n (~> 0.6, >= 0.6.4)
      multi_json (~> 1.0)
    arel (3.0.3)
    bson (1.10.2)
    bson_ext (1.10.2)
      bson (~> 1.10.2)
    builder (3.0.4)
    highline (1.6.21)
    i18n (0.6.11)
    mongify (1.2.4)
      activerecord (~> 3.2)
      activesupport (~> 3.2)
      bson (~> 1.10.2)
      bson_ext (~> 1.10.2)
      highline (>= 1.6.1)
      mongo (~> 1.10.2)
    mongo (1.10.2)
      bson (= 1.10.2)
    multi_json (1.10.1)
    mysql (2.9.1)
    tzinfo (0.3.41)

PLATFORMS
  ruby

DEPENDENCIES
  mongify
  mysql
